GEM
  remote: https://rubygems.org/
  specs:
    kinetic_sdk (5.0.2)
      mime-types (= 3.1)
      multipart-post (= 2.0.0)
      parallel (= 1.12.1)
      ruby-progressbar (= 1.9.0)
      slugify (= 1.0.7)
    mime-types (3.1)
      mime-types-data (~> 3.2015)
    mime-types-data (3.2019.1009)
    multipart-post (2.0.0)
    parallel (1.12.1)
    ruby-progressbar (1.9.0)
    slugify (1.0.7)

PLATFORMS
  java
  ruby

DEPENDENCIES
  kinetic_sdk (= 5.0.2)

BUNDLED WITH
   2.2.22
